GEM
  remote: http://rubygems.org/
  specs:
    CFPropertyList (2.3.5)
    addressable (2.5.2)
      public_suffix (>= 2.0.2, < 4.0)
    crack (0.4.3)
      safe_yaml (~> 1.0.0)
    domain_name (0.5.20170404)
      unf (>= 0.0.5, < 1.0.0)
    facter (2.5.1)
      CFPropertyList (~> 2.2)
    ffi (1.9.18)
    gssapi (1.2.0)
      ffi (>= 1.0.1)
    hashdiff (0.3.7)
    highline (1.7.8)
    http (3.0.0)
      addressable (~> 2.3)
      http-cookie (~> 1.0)
      http-form_data (>= 2.0.0.pre.pre2, < 3)
      http_parser.rb (~> 0.6.0)
    http-cookie (1.0.3)
      domain_name (~> 0.5)
    http-form_data (2.0.0)
    http_parser.rb (0.6.0)
    httparty (0.15.6)
      multi_xml (>= 0.5.2)
    json (2.3.0)
    mime-types (3.1)
      mime-types-data (~> 3.2015)
    mime-types-data (3.2016.0521)
    minitest (5.10.3)
    minitest-stub_any_instance (1.0.1)
    multi_xml (0.6.0)
    netrc (0.11.0)
    public_suffix (3.0.0)
    rest-client (2.0.2)
      http-cookie (>= 1.0.2, < 2.0)
      mime-types (>= 1.16, < 4.0)
      netrc (~> 0.8)
    safe_yaml (1.0.4)
    unf (0.1.4)
      unf_ext
    unf_ext (0.0.7.4)
    webmock (3.1.0)
      addressable (>= 2.3.6)
      crack (>= 0.3.2)
      hashdiff

PLATFORMS
  ruby

DEPENDENCIES
  addressable
  facter
  gssapi
  highline
  http
  httparty
  json
  minitest
  minitest-stub_any_instance
  rest-client
  webmock

BUNDLED WITH
   1.13.6
